NUGET
  remote: https://nuget.org/api/v2
  specs:
    FAKE (4.1.4)
    FSharp.Core (4.0.0.1)
    FsPickler (1.3.5)
    FunScript (1.1.94)
    FunScript.TypeScript.Binding.jquery (1.1.0.37)
      FunScript.TypeScript.Binding.lib (>= 1.1.0.37)
    FunScript.TypeScript.Binding.lib (1.1.0.37)
    Suave (0.31.1)
      FSharp.Core (>= 4.0.0.1)
      FsPickler (>= 1.2.5)
